GIT
  remote: https://github.com/thiagorp/investment-tracking-domain
  revision: 7b8281620038843a08b5ab728b6bbf1f446de0da
  specs:
    investment-tracking-domain (0.0.1)

PATH
  remote: .
  specs:
    investment-tracking-infrastructure (0.0.1)
      pg (~> 0.18)
      sequel (~> 4.30)

GEM
  remote: https://rubygems.org/
  specs:
    codeclimate-test-reporter (0.4.8)
      simplecov (>= 0.7.1, < 1.0.0)
    docile (1.1.5)
    json (1.8.3)
    minitest (5.8.4)
    pg (0.18.4)
    rake (10.5.0)
    sequel (4.30.0)
    simplecov (0.11.1)
      docile (~> 1.1.0)
      json (~> 1.8)
      simplecov-html (~> 0.10.0)
    simplecov-html (0.10.0)
    timecop (0.8.0)

PLATFORMS
  ruby

DEPENDENCIES
  codeclimate-test-reporter
  investment-tracking-domain!
  investment-tracking-infrastructure!
  minitest (~> 5.8)
  rake (~> 10.5)
  simplecov (~> 0.11.1)
  timecop (~> 0.8)

BUNDLED WITH
   1.11.2
